Brain Vision Data Exchange Header File Version 1.0
; Data created by the Vision Recorder

[Common Infos]
Codepage=UTF-8
DataFile=1002.eeg
MarkerFile=1002.vmrk
DataFormat=BINARY
; Data orientation: MULTIPLEXED=ch1,pt1, ch2,pt1 ...
DataOrientation=MULTIPLEXED
NumberOfChannels=32
; Sampling interval in microseconds
SamplingInterval=2000

[Binary Infos]
BinaryFormat=INT_16

[Channel Infos]
; Each entry: Ch<Channel number>=<Name>,<Reference channel name>,
; <Resolution in "Unit">,<Unit>, Future extensions..
; Fields are delimited by commas, some fields might be omitted (empty).
; Commas in channel names are coded as "\1".
Ch1=Fp1_1i,,0.1,µV
Ch2=Fp2_1i,,0.1,µV
Ch3=F7_1i,,0.1,µV
Ch4=F3_1i,,0.1,µV
Ch5=Fz_1i,,0.1,µV
Ch6=F4_1i,,0.1,µV
Ch7=F8_1i,,0.1,µV
Ch8=FC5_1i,,0.1,µV
Ch9=FC1_1i,,0.1,µV
Ch10=FC2_1i,,0.1,µV
Ch11=FC6_1i,,0.1,µV
Ch12=T7_1i,,0.1,µV
Ch13=C3_1i,,0.1,µV
Ch14=Cz_1i,,0.1,µV
Ch15=C4_1i,,0.1,µV
Ch16=T8_1i,,0.1,µV
Ch17=CP5_1i,,0.1,µV
Ch18=CP1_1i,,0.1,µV
Ch19=CP2_1i,,0.1,µV
Ch20=CP6_1i,,0.1,µV
Ch21=P7_1i,,0.1,µV
Ch22=P3_1i,,0.1,µV
Ch23=Pz_1i,,0.1,µV
Ch24=P4_1i,,0.1,µV
Ch25=P8_1i,,0.1,µV
Ch26=PO9_1i,,0.1,µV
Ch27=O1_1i,,0.1,µV
Ch28=Oz_1i,,0.1,µV
Ch29=O2_1i,,0.1,µV
Ch30=PO10_1i,,0.1,µV
Ch31=ECG1_1i,,0.1,µV
Ch32=ECG2_1i,,0.1,µV

[Comment]

BrainVision Recorder Professional   -   V. 1.20.0802


A m p l i f i e r  S e t u p
============================
Number of channels: 32
Sampling Rate [Hz]: 500
Sampling Interval [µS]: 2000

Channels
--------
#     Name      Phys. Chn.    Resolution / Unit   Low Cutoff [s]   High Cutoff [Hz]   Notch [Hz]    Series Res. [kOhm] Gradient         Offset
1     Fp1_1i      1                0.1 µV             10             1000              Off                0                 
2     Fp2_1i      2                0.1 µV             10             1000              Off                0                 
3     F7_1i       3                0.1 µV             10             1000              Off                0                 
4     F3_1i       4                0.1 µV             10             1000              Off                0                 
5     Fz_1i       5                0.1 µV             10             1000              Off                0                 
6     F4_1i       6                0.1 µV             10             1000              Off                0                 
7     F8_1i       7                0.1 µV             10             1000              Off                0                 
8     FC5_1i      8                0.1 µV             10             1000              Off                0                 
9     FC1_1i      9                0.1 µV             10             1000              Off                0                 
10    FC2_1i      10               0.1 µV             10             1000              Off                0                 
11    FC6_1i      11               0.1 µV             10             1000              Off                0                 
12    T7_1i       12               0.1 µV             10             1000              Off                0                 
13    C3_1i       13               0.1 µV             10             1000              Off                0                 
14    Cz_1i       14               0.1 µV             10             1000              Off                0                 
15    C4_1i       15               0.1 µV             10             1000              Off                0                 
16    T8_1i       16               0.1 µV             10             1000              Off                0                 
17    CP5_1i      18               0.1 µV             10             1000              Off                0                 
18    CP1_1i      19               0.1 µV             10             1000              Off                0                 
19    CP2_1i      20               0.1 µV             10             1000              Off                0                 
20    CP6_1i      21               0.1 µV             10             1000              Off                0                 
21    P7_1i       23               0.1 µV             10             1000              Off                0                 
22    P3_1i       24               0.1 µV             10             1000              Off                0                 
23    Pz_1i       25               0.1 µV             10             1000              Off                0                 
24    P4_1i       26               0.1 µV             10             1000              Off                0                 
25    P8_1i       27               0.1 µV             10             1000              Off                0                 
26    PO9_1i      28               0.1 µV             10             1000              Off                0                 
27    O1_1i       29               0.1 µV             10             1000              Off                0                 
28    Oz_1i       30               0.1 µV             10             1000              Off                0                 
29    O2_1i       31               0.1 µV             10             1000              Off                0                 
30    PO10_1i     32               0.1 µV             10             1000              Off                0                 
31    ECG1_1i     17               0.1 µV             10             1000              Off                0                 
32    ECG2_1i     22               0.1 µV             10             1000              Off                0                 

S o f t w a r e  F i l t e r s
==============================
Disabled


Test Signal from actiCAP is used.
Impedances Imported from actiCAP Control Software:
Impedance [kOhm] at 13:12:43 :
Fp1_1i:      14
Fp2_1i:       3
F7_1i:        6
F3_1i:        3
Fz_1i:        3
F4_1i:        2
F8_1i:        5
FC5_1i:       2
FC1_1i:       5
FC2_1i:       1
FC6_1i:      17
T7_1i:       10
C3_1i:        7
Cz_1i:       16
C4_1i:        4
T8_1i:       11
CP5_1i:      11
CP1_1i:       7
CP2_1i:       3
CP6_1i:      12
P7_1i:       15
P3_1i:        3
Pz_1i:        5
P4_1i:       16
P8_1i:       34
PO9_1i:      17
O1_1i:       11
Oz_1i:       47
O2_1i:       19
PO10_1i:     54
ECG1_1i:      2
ECG2_1i:      5
Gnd:          3
Ref:          1
